GIT
  remote: git://github.com/jnicklas/carrierwave-mongoid.git
  revision: 28a9b718d42b8aba47d2eb951f73bd9d872b6eb0
  branch: mongoid-3.0
  specs:
    carrierwave-mongoid (0.3.0.alpha)
      carrierwave (~> 0.6.1)
      mongoid (~> 3.0.0)
      mongoid-grid_fs (~> 1.3.1)

PATH
  remote: .
  specs:
    bootsy-mongoid (0.0.3)
      bootsy (~> 0.0.5)
      mongoid (~> 3.0.6)

GEM
  remote: http://rubygems.org/
  specs:
    actionmailer (3.2.8)
      actionpack (= 3.2.8)
      mail (~> 2.4.4)
    actionpack (3.2.8)
      activemodel (= 3.2.8)
      activesupport (= 3.2.8)
      builder (~> 3.0.0)
      erubis (~> 2.7.0)
      journey (~> 1.0.4)
      rack (~> 1.4.0)
      rack-cache (~> 1.2)
      rack-test (~> 0.6.1)
      sprockets (~> 2.1.3)
    activemodel (3.2.8)
      activesupport (= 3.2.8)
      builder (~> 3.0.0)
    activerecord (3.2.8)
      activemodel (= 3.2.8)
      activesupport (= 3.2.8)
      arel (~> 3.0.2)
      tzinfo (~> 0.3.29)
    activeresource (3.2.8)
      activemodel (= 3.2.8)
      activesupport (= 3.2.8)
    activesupport (3.2.8)
      i18n (~> 0.6)
      multi_json (~> 1.0)
    arel (3.0.2)
    bootsy (0.0.5)
      carrierwave (~> 0.6.2)
      mini_magick (~> 3.4)
      remotipart (~> 1.0.2)
    builder (3.0.3)
    carrierwave (0.6.2)
      activemodel (>= 3.2.0)
      activesupport (>= 3.2.0)
    database_cleaner (0.8.0)
    diff-lcs (1.1.3)
    erubis (2.7.0)
    factory_girl (4.1.0)
      activesupport (>= 3.0.0)
    factory_girl_rails (4.1.0)
      factory_girl (~> 4.1.0)
      railties (>= 3.0.0)
    hike (1.2.1)
    i18n (0.6.1)
    journey (1.0.4)
    jquery-rails (2.1.2)
      railties (>= 3.1.0, < 5.0)
      thor (~> 0.14)
    json (1.7.5)
    mail (2.4.4)
      i18n (>= 0.4.0)
      mime-types (~> 1.16)
      treetop (~> 1.4.8)
    mime-types (1.19)
    mini_magick (3.4)
      subexec (~> 0.2.1)
    mongoid (3.0.6)
      activemodel (~> 3.1)
      moped (~> 1.1)
      origin (~> 1.0)
      tzinfo (~> 0.3.22)
    mongoid-grid_fs (1.3.2)
      mime-types (~> 1.19)
      mongoid (~> 3.0)
    moped (1.2.2)
    multi_json (1.3.6)
    origin (1.0.8)
    polyglot (0.3.3)
    rack (1.4.1)
    rack-cache (1.2)
      rack (>= 0.4)
    rack-ssl (1.3.2)
      rack
    rack-test (0.6.1)
      rack (>= 1.0)
    rails (3.2.8)
      actionmailer (= 3.2.8)
      actionpack (= 3.2.8)
      activerecord (= 3.2.8)
      activeresource (= 3.2.8)
      activesupport (= 3.2.8)
      bundler (~> 1.0)
      railties (= 3.2.8)
    railties (3.2.8)
      actionpack (= 3.2.8)
      activesupport (= 3.2.8)
      rack-ssl (~> 1.3.2)
      rake (>= 0.8.7)
      rdoc (~> 3.4)
      thor (>= 0.14.6, < 2.0)
    rake (0.9.2.2)
    rdoc (3.12)
      json (~> 1.4)
    remotipart (1.0.2)
    rspec (2.11.0)
      rspec-core (~> 2.11.0)
      rspec-expectations (~> 2.11.0)
      rspec-mocks (~> 2.11.0)
    rspec-core (2.11.1)
    rspec-expectations (2.11.3)
      diff-lcs (~> 1.1.3)
    rspec-mocks (2.11.2)
    rspec-rails (2.11.0)
      actionpack (>= 3.0)
      activesupport (>= 3.0)
      railties (>= 3.0)
      rspec (~> 2.11.0)
    sprockets (2.1.3)
      hike (~> 1.2)
      rack (~> 1.0)
      tilt (~> 1.1, != 1.3.0)
    sqlite3 (1.3.6)
    subexec (0.2.2)
    thor (0.16.0)
    tilt (1.3.3)
    treetop (1.4.10)
      polyglot
      polyglot (>= 0.3.1)
    tzinfo (0.3.33)

PLATFORMS
  ruby

DEPENDENCIES
  bootsy-mongoid!
  carrierwave-mongoid!
  database_cleaner (~> 0.8.0)
  factory_girl_rails (~> 4.1.0)
  jquery-rails
  mongoid
  rails (~> 3.2.8)
  rspec-rails (~> 2.11.0)
  sqlite3 (~> 1.3.6)
